GEM
  remote: http://rubygems.org/
  specs:
    rake (0.8.7)
    sqlite3 (1.3.3)

PLATFORMS
  ruby

DEPENDENCIES
  rake
  sqlite3
